GEM
  remote: https://rubygems.org/
  specs:
    activemodel (6.1.0)
      activesupport (= 6.1.0)
    activerecord (6.1.0)
      activemodel (= 6.1.0)
      activesupport (= 6.1.0)
    activesupport (6.1.0)
      concurrent-ruby (~> 1.0, >= 1.0.2)
      i18n (>= 1.6, < 2)
      minitest (>= 5.1)
      tzinfo (~> 2.0)
      zeitwerk (~> 2.3)
    coderay (1.1.3)
    concurrent-ruby (1.1.7)
    httparty (0.18.1)
      mime-types (~> 3.0)
      multi_xml (>= 0.5.2)
    i18n (1.8.7)
      concurrent-ruby (~> 1.0)
    method_source (1.0.0)
    mime-types (3.3.1)
      mime-types-data (~> 3.2015)
    mime-types-data (3.2020.1104)
    minitest (5.14.2)
    multi_xml (0.6.0)
    mustermann (1.1.1)
      ruby2_keywords (~> 0.0.1)
    pry (0.13.1)
      coderay (~> 1.1)
      method_source (~> 1.0)
    rack (2.2.3)
    rack-protection (2.1.0)
      rack
    require_all (3.0.0)
    ruby2_keywords (0.0.2)
    sinatra (2.1.0)
      mustermann (~> 1.0)
      rack (~> 2.2)
      rack-protection (= 2.1.0)
      tilt (~> 2.0)
    sinatra-activerecord (2.0.21)
      activerecord (>= 4.1)
      sinatra (>= 1.0)
    sqlite3 (1.4.2)
    tilt (2.0.10)
    tzinfo (2.0.4)
      concurrent-ruby (~> 1.0)
    zeitwerk (2.4.2)

PLATFORMS
  ruby

DEPENDENCIES
  httparty
  pry
  require_all
  sinatra-activerecord
  sqlite3

BUNDLED WITH
   2.1.4
